PATH
  remote: .
  specs:
    smith (0.8.8)
      addressable (~> 2.0)
      amqp (~> 1.6, ~> 1.0)
      curses (= 1.0.1)
      daemons (~> 1.1)
      eventmachine (~> 1.0)
      extlib (= 0.9.16)
      hashie (~> 2.1)
      logging (~> 2.0)
      multi_json (~> 1.10)
      murmurhash3 (= 0.1.4)
      oj (~> 2.11, >= 2.11.4)
      protobuf (~> 3.4)
      ruby_parser (~> 3.6)
      state_machine (= 1.1.2)
      sys-proctable (~> 0.9.0)
      toml-rb (~> 0.3)
      trollop (~> 2.0)

GEM
  remote: https://rubygems.org/
  specs:
    activesupport (5.0.2)
      concurrent-ruby (~> 1.0, >= 1.0.2)
      i18n (~> 0.7)
      minitest (~> 5.1)
      tzinfo (~> 1.1)
    addressable (2.5.1)
      public_suffix (~> 2.0, >= 2.0.2)
    amq-protocol (2.1.0)
    amqp (1.7.0)
      amq-protocol (>= 2.1.0)
      eventmachine
    citrus (3.0.2)
    concurrent-ruby (1.0.5)
    curses (1.0.1)
    daemons (1.2.4)
    diff-lcs (1.2.5)
    eventmachine (1.2.3)
    extlib (0.9.16)
    hashie (2.1.2)
    i18n (0.8.1)
    little-plugger (1.1.4)
    logging (2.2.1)
      little-plugger (~> 1.1)
      multi_json (~> 1.10)
    middleware (0.1.0)
    minitest (5.10.1)
    multi_json (1.12.1)
    murmurhash3 (0.1.4)
    oj (2.18.5)
    protobuf (3.7.0)
      activesupport (>= 3.2)
      middleware
      thor
      thread_safe
    public_suffix (2.0.5)
    rspec (3.5.0)
      rspec-core (~> 3.5.0)
      rspec-expectations (~> 3.5.0)
      rspec-mocks (~> 3.5.0)
    rspec-core (3.5.4)
      rspec-support (~> 3.5.0)
    rspec-expectations (3.5.0)
      diff-lcs (>= 1.2.0, < 2.0)
      rspec-support (~> 3.5.0)
    rspec-mocks (3.5.0)
      diff-lcs (>= 1.2.0, < 2.0)
      rspec-support (~> 3.5.0)
    rspec-support (3.5.0)
    ruby_parser (3.8.4)
      sexp_processor (~> 4.1)
    sexp_processor (4.8.0)
    state_machine (1.1.2)
    sys-proctable (0.9.9-universal-aix-5)
    thor (0.19.4)
    thread_safe (0.3.6)
    toml-rb (0.3.15)
      citrus (~> 3.0, > 3.0)
    trollop (2.1.2)
    tzinfo (1.2.3)
      thread_safe (~> 0.1)

PLATFORMS
  ruby

DEPENDENCIES
  rspec
  smith!

BUNDLED WITH
   1.14.2
