PATH
  remote: .
  specs:
    smith (0.8.8)
      addressable (~> 2.0)
      amqp (~> 1.6, ~> 1.0)
      curses (= 1.0.1)
      daemons (~> 1.1)
      eventmachine (~> 1.0)
      extlib (= 0.9.16)
      google-protobuf
      grpc-tools (~> 1.11.0)
      hashie (~> 2.1)
      logging (~> 2.0)
      multi_json (~> 1.10)
      murmurhash3 (= 0.1.4)
      oj (~> 2.11, >= 2.11.4)
      protobuf (~> 3.4)
      ruby_parser (~> 3.6)
      state_machine (= 1.1.2)
      sys-proctable (~> 0.9.0)
      toml-rb (~> 0.3)
      trollop (~> 2.0)

GEM
  remote: http://rubygems.org/
  specs:
    activesupport (5.2.0)
      concurrent-ruby (~> 1.0, >= 1.0.2)
      i18n (>= 0.7, < 2)
      minitest (~> 5.1)
      tzinfo (~> 1.1)
    addressable (2.5.2)
      public_suffix (>= 2.0.2, < 4.0)
    amq-protocol (2.3.0)
    amqp (1.8.0)
      amq-protocol (>= 2.2.0)
      eventmachine
    citrus (3.0.2)
    coderay (1.1.2)
    concurrent-ruby (1.0.5)
    curses (1.0.1)
    daemons (1.2.6)
    eventmachine (1.2.5)
    extlib (0.9.16)
    google-protobuf (3.5.1.2)
    grpc-tools (1.11.0)
    hashie (2.1.2)
    i18n (1.0.0)
      concurrent-ruby (~> 1.0)
    little-plugger (1.1.4)
    logging (2.2.2)
      little-plugger (~> 1.1)
      multi_json (~> 1.10)
    method_source (0.9.0)
    middleware (0.1.0)
    minitest (5.11.3)
    multi_json (1.13.1)
    murmurhash3 (0.1.4)
    oj (2.18.5)
    protobuf (3.8.2)
      activesupport (>= 3.2)
      middleware
      thor
      thread_safe
    pry (0.11.3)
      coderay (~> 1.1.0)
      method_source (~> 0.9.0)
    public_suffix (3.0.2)
    ruby_parser (3.11.0)
      sexp_processor (~> 4.9)
    sexp_processor (4.11.0)
    state_machine (1.1.2)
    sys-proctable (0.9.9-universal-aix5)
    thor (0.20.0)
    thread_safe (0.3.6)
    toml-rb (0.3.15)
      citrus (~> 3.0, > 3.0)
    trollop (2.1.2)
    tzinfo (1.2.5)
      thread_safe (~> 0.1)

PLATFORMS
  ruby

DEPENDENCIES
  pry
  smith!

BUNDLED WITH
   1.16.1
